GEM
  remote: http://rubygems.org/
  specs:
    activemodel (3.0.7)
      activesupport (= 3.0.7)
      builder (~> 2.1.2)
      i18n (~> 0.5.0)
    activerecord (3.0.7)
      activemodel (= 3.0.7)
      activesupport (= 3.0.7)
      arel (~> 2.0.2)
      tzinfo (~> 0.3.23)
    activesupport (3.0.7)
    ancestry (1.2.4)
      activerecord (>= 2.2.2)
    arel (2.0.10)
    builder (2.1.2)
    diff-lcs (1.1.2)
    git (1.2.5)
    i18n (0.5.0)
    jeweler (1.6.0)
      bundler (~> 1.0.0)
      git (>= 1.2.5)
      rake
    rack (1.3.0)
    rack-mount (0.8.1)
      rack (>= 1.0.0)
    rake (0.9.0)
    rcov (0.9.9)
    rspec (2.3.0)
      rspec-core (~> 2.3.0)
      rspec-expectations (~> 2.3.0)
      rspec-mocks (~> 2.3.0)
    rspec-core (2.3.1)
    rspec-expectations (2.3.0)
      diff-lcs (~> 1.1.2)
    rspec-mocks (2.3.0)
    sqlite3 (1.3.3)
    sqlite3-ruby (1.3.3)
      sqlite3 (>= 1.3.3)
    tzinfo (0.3.27)
    yard (0.6.8)

PLATFORMS
  ruby

DEPENDENCIES
  activerecord (~> 3.0.7)
  activesupport (~> 3.0.7)
  ancestry (~> 1.2.4)
  bundler (~> 1.0.0)
  jeweler (~> 1.6.0)
  rack-mount (~> 0.8.1)
  rcov
  rspec (~> 2.3.0)
  sqlite3-ruby
  yard (~> 0.6.0)
